GEM
  remote: https://rubygems.org/
  specs:
    backports (3.10.3)
    coderay (1.1.2)
    method_source (0.9.0)
    minitest (5.10.3)
    multi_json (1.12.2)
    pry (0.11.2)
      coderay (~> 1.1.0)
      method_source (~> 0.9.0)
    rack (1.6.8)
    rack-protection (1.5.3)
      rack
    rack-test (0.7.0)
      rack (>= 1.0, < 3)
    sinatra (1.4.8)
      rack (~> 1.5)
      rack-protection (~> 1.4)
      tilt (>= 1.3, < 3)
    sinatra-contrib (1.4.7)
      backports (>= 2.0)
      multi_json
      rack-protection
      rack-test
      sinatra (~> 1.4.0)
      tilt (>= 1.3, < 3)
    tilt (2.0.8)

PLATFORMS
  ruby

DEPENDENCIES
  minitest
  pry
  sinatra (~> 1.4)
  sinatra-contrib

BUNDLED WITH
   1.16.0
